PATH
  remote: .
  specs:
    mmcli (0.1.0)
      gem-man
      methadone (~> 1.9.5)

GEM
  remote: https://rubygems.org/
  specs:
    aruba (0.14.2)
      childprocess (~> 0.5.6)
      contracts (~> 0.9)
      cucumber (>= 1.3.19)
      ffi (~> 1.9.10)
      rspec-expectations (>= 2.99)
      thor (~> 0.19)
    backports (3.10.3)
    builder (3.2.3)
    childprocess (0.5.9)
      ffi (~> 1.0, >= 1.0.11)
    contracts (0.16.0)
    cucumber (3.1.0)
      builder (>= 2.1.2)
      cucumber-core (~> 3.1.0)
      cucumber-expressions (~> 5.0.4)
      cucumber-wire (~> 0.0.1)
      diff-lcs (~> 1.3)
      gherkin (~> 5.0)
      multi_json (>= 1.7.5, < 2.0)
      multi_test (>= 0.1.2)
    cucumber-core (3.1.0)
      backports (>= 3.8.0)
      cucumber-tag_expressions (~> 1.1.0)
      gherkin (>= 5.0.0)
    cucumber-expressions (5.0.7)
    cucumber-tag_expressions (1.1.1)
    cucumber-wire (0.0.1)
    diff-lcs (1.3)
    ffi (1.9.18)
    gem-man (0.3.0)
    gherkin (5.0.0)
    hpricot (0.8.6)
    methadone (1.9.5)
      bundler
    multi_json (1.12.2)
    multi_test (0.1.2)
    mustache (1.0.5)
    power_assert (1.1.1)
    rake (10.5.0)
    rdiscount (2.2.0.1)
    rdoc (6.0.0)
    ronn (0.7.3)
      hpricot (>= 0.8.2)
      mustache (>= 0.7.0)
      rdiscount (>= 1.5.8)
    rspec-expectations (3.7.0)
      diff-lcs (>= 1.2.0, < 2.0)
      rspec-support (~> 3.7.0)
    rspec-support (3.7.0)
    test-unit (3.2.7)
      power_assert
    thor (0.20.0)

PLATFORMS
  ruby

DEPENDENCIES
  aruba
  bundler (~> 1.13)
  mmcli!
  rake (~> 10.0)
  rdoc
  ronn
  test-unit

BUNDLED WITH
   1.13.7
